GEM
  remote: https://rubygems.org/
  specs:
    beanstalk-client (1.1.1)
    fluiddb (0.1.19)
    haml (5.2.1)
      temple (>= 0.8.0)
      tilt
    json (2.5.1)
    mocha (1.12.0)
    net-sftp (3.0.0)
      net-ssh (>= 5.0.0, < 7.0.0)
    net-ssh (6.1.0)
    net-ssh-gateway (2.0.0)
      net-ssh (>= 4.0.0)
    parse-cron (0.1.4)
    rake (13.0.3)
    redis (4.2.5)
    temple (0.8.2)
    tilt (2.0.10)
    uuidtools (2.2.0)
    zip (2.0.2)

PLATFORMS
  ruby

DEPENDENCIES
  beanstalk-client
  fluiddb
  haml
  json
  mocha
  net-sftp
  net-ssh-gateway
  parse-cron
  rake
  redis
  uuidtools
  zip

BUNDLED WITH
   2.2.5
